GIT
  remote: https://github.com/an-ju/project_metric_base
  revision: 42467e84b32a7606157c2a437e9fedb4aaa33de8
  specs:
    project_metric_base (0.1.0)

PATH
  remote: .
  specs:
    project_metric_code_climate (0.3.0)
      faraday

GEM
  remote: https://rubygems.org/
  specs:
    diff-lcs (1.3)
    faraday (0.15.3)
      multipart-post (>= 1.2, < 3)
    multipart-post (2.0.0)
    rake (10.5.0)
    rspec (3.4.0)
      rspec-core (~> 3.4.0)
      rspec-expectations (~> 3.4.0)
      rspec-mocks (~> 3.4.0)
    rspec-core (3.4.4)
      rspec-support (~> 3.4.0)
    rspec-expectations (3.4.0)
      diff-lcs (>= 1.2.0, < 2.0)
      rspec-support (~> 3.4.0)
    rspec-mocks (3.4.1)
      diff-lcs (>= 1.2.0, < 2.0)
      rspec-support (~> 3.4.0)
    rspec-support (3.4.1)

PLATFORMS
  ruby

DEPENDENCIES
  bundler (~> 1.17)
  project_metric_base!
  project_metric_code_climate!
  rake (~> 10.0)
  rspec (~> 3.0)

BUNDLED WITH
   1.17.1
